GEM
  remote: https://rubygems.org/
  specs:
    connection_pool (2.2.5)
    dotenv (2.7.6)
    rack (2.2.6.3)
    redis (4.5.1)
    sidekiq (6.4.0)
      connection_pool (>= 2.2.2)
      rack (~> 2.0)
      redis (>= 4.2.0)

PLATFORMS
  ruby

DEPENDENCIES
  dotenv
  sidekiq

RUBY VERSION
   ruby 2.7.5p203

BUNDLED WITH
   2.1.4
