GEM
  remote: https://rubygems.org/
  specs:
    activesupport (7.1.3.2)
      base64
      bigdecimal
      concurrent-ruby (~> 1.0, >= 1.0.2)
      connection_pool (>= 2.2.5)
      drb
      i18n (>= 1.6, < 2)
      minitest (>= 5.1)
      mutex_m
      tzinfo (~> 2.0)
    base64 (0.2.0)
    bigdecimal (3.1.6)
    concurrent-ruby (1.2.3)
    connection_pool (2.4.1)
    dotenv (3.1.0)
    drb (2.2.1)
    et-orbi (1.2.8)
      tzinfo
    fugit (1.10.1)
      et-orbi (~> 1, >= 1.2.7)
      raabro (~> 1.4)
    globalid (1.2.1)
      activesupport (>= 6.1)
    i18n (1.14.4)
      concurrent-ruby (~> 1.0)
    minitest (5.22.2)
    mutex_m (0.2.0)
    nio4r (2.7.3)
    puma (6.4.3)
      nio4r (~> 2.0)
    raabro (1.4.0)
    rack (2.2.8.1)
    redis-client (0.22.1)
      connection_pool
    sidekiq (7.2.4)
      concurrent-ruby (< 2)
      connection_pool (>= 2.3.0)
      rack (>= 2.2.4)
      redis-client (>= 0.19.0)
    sidekiq-cron (1.12.0)
      fugit (~> 1.8)
      globalid (>= 1.0.1)
      sidekiq (>= 6)
    sidekiq-unique-jobs (8.0.10)
      concurrent-ruby (~> 1.0, >= 1.0.5)
      sidekiq (>= 7.0.0, < 8.0.0)
      thor (>= 1.0, < 3.0)
    thor (1.3.2)
    tzinfo (2.0.6)
      concurrent-ruby (~> 1.0)

PLATFORMS
  ruby

DEPENDENCIES
  dotenv
  puma
  rack (< 3.0)
  sidekiq
  sidekiq-cron
  sidekiq-unique-jobs

RUBY VERSION
   ruby 3.2.2p53

BUNDLED WITH
   2.1.4
