GEM
  remote: https://rubygems.org/
  specs:
    connection_pool (2.2.5)
    dotenv (2.7.5)
    rack (2.2.3)
    redis (4.4.0)
    sidekiq (6.2.1)
      connection_pool (>= 2.2.2)
      rack (~> 2.0)
      redis (>= 4.2.0)

PLATFORMS
  ruby

DEPENDENCIES
  dotenv
  sidekiq

RUBY VERSION
   ruby 2.6.5p114

BUNDLED WITH
   1.17.2
