GEM
  remote: https://rubygems.org/
  specs:
    concurrent-ruby (1.2.2)
    connection_pool (2.4.0)
    dotenv (2.7.6)
    rack (3.0.7)
    redis-client (0.14.1)
      connection_pool
    sidekiq (7.0.8)
      concurrent-ruby (< 2)
      connection_pool (>= 2.3.0)
      rack (>= 2.2.4)
      redis-client (>= 0.11.0)

PLATFORMS
  ruby

DEPENDENCIES
  dotenv
  sidekiq

RUBY VERSION
   ruby 2.7.5p203

BUNDLED WITH
   2.1.4
