GEM
  remote: https://rubygems.org/
  specs:
    concurrent-ruby (1.2.2)
    connection_pool (2.4.1)
    dotenv (2.7.6)
    nio4r (2.7.0)
    puma (6.4.2)
      nio4r (~> 2.0)
    rack (2.2.7)
    redis-client (0.17.0)
      connection_pool
    sidekiq (7.1.3)
      concurrent-ruby (< 2)
      connection_pool (>= 2.3.0)
      rack (>= 2.2.4)
      redis-client (>= 0.14.0)

PLATFORMS
  ruby

DEPENDENCIES
  dotenv
  puma
  rack (< 3.0)
  sidekiq

RUBY VERSION
   ruby 3.2.2p53

BUNDLED WITH
   2.1.4
